GEM
  remote: https://rubygems.org/
  specs:
    ast (2.4.0)
    bcrypt_pbkdf (1.0.1)
    dotenv (2.7.5)
    ed25519 (1.2.4)
    jaro_winkler (1.5.4)
    net-scp (2.0.0)
      net-ssh (>= 2.6.5, < 6.0.0)
    net-ssh (5.2.0)
    parallel (1.19.1)
    parser (2.7.0.2)
      ast (~> 2.4.0)
    rainbow (3.0.0)
    rubocop (0.77.0)
      jaro_winkler (~> 1.5.1)
      parallel (~> 1.10)
      parser (>= 2.6)
      rainbow (>= 2.2.2, < 4.0)
      ruby-progressbar (~> 1.7)
      unicode-display_width (>= 1.4.0, < 1.7)
    rubocop-performance (1.5.2)
      rubocop (>= 0.71.0)
    ruby-progressbar (1.10.1)
    sshkey (2.0.0)
    standard (0.1.7)
      rubocop (~> 0.77.0)
      rubocop-performance (~> 1.5.1)
    unicode-display_width (1.6.1)

PLATFORMS
  ruby

DEPENDENCIES
  bcrypt_pbkdf
  dotenv
  ed25519
  net-scp
  net-ssh
  sshkey
  standard

BUNDLED WITH
   2.1.2
